GIT
  remote: git://github.com/stevegraham/twilio-rb.git
  revision: 0a2090eb96ba7cc6a0a09dbbf659edb67a181c51
  specs:
    twilio-rb (2.3.0)
      activesupport (>= 3.0.0)
      builder (>= 3.2.2)
      crack (~> 0.3.2)
      httparty (>= 0.10.0)
      i18n (~> 0.5)
      jwt (>= 0.1.3)

GEM
  remote: https://rubygems.org/
  specs:
    activesupport (4.0.0)
      i18n (~> 0.6, >= 0.6.4)
      minitest (~> 4.2)
      multi_json (~> 1.3)
      thread_safe (~> 0.1)
      tzinfo (~> 0.3.37)
    atomic (1.1.10)
    bini (0.6.0)
      sys-proctable
    builder (3.2.2)
    crack (0.3.2)
    faraday (0.8.7)
      multipart-post (~> 1.1)
    git (1.2.5)
    httparty (0.10.2)
      multi_json (~> 1.0)
      multi_xml (>= 0.5.2)
    i18n (0.6.4)
    jwt (0.1.8)
      multi_json (>= 1.5)
    minitest (4.7.5)
    multi_json (1.7.7)
    multi_xml (0.5.4)
    multipart-post (1.2.0)
    pushover (0.99.2)
      bini (~> 0.6.0)
      yajl-ruby
    simple_oauth (0.2.0)
    sys-proctable (0.9.3)
    thread_safe (0.1.0)
      atomic
    twitter (4.8.1)
      faraday (~> 0.8, < 0.10)
      multi_json (~> 1.0)
      simple_oauth (~> 0.2)
    tzinfo (0.3.37)
    yajl-ruby (1.1.0)

PLATFORMS
  ruby

DEPENDENCIES
  git
  pushover
  twilio-rb!
  twitter
